GEM
  remote: https://rubygems.org/
  specs:
    rack (3.0.9.1)
    rackup (2.1.0)
      rack (>= 3)
      webrick (~> 1.8)
    roda (3.77.0)
      rack
    webrick (1.8.1)

PLATFORMS
  ruby
  x86_64-linux

DEPENDENCIES
  rackup (~> 2.1)
  roda (~> 3.77)

BUNDLED WITH
   2.5.3
